PATH
  remote: .
  specs:
    horror-movie-cli (0.1.0)

GEM
  remote: https://rubygems.org/
  specs:
    mini_portile2 (2.4.0)
    nokogiri (1.10.5)
      mini_portile2 (~> 2.4.0)
    rake (10.5.0)

PLATFORMS
  ruby

DEPENDENCIES
  bundler (~> 2.0)
  horror-movie-cli!
  nokogiri
  rake (~> 10.0)

BUNDLED WITH
   2.1.0.pre.1
